GEM
  remote: https://rubygems.org/
  specs:
    addressable (2.6.0)
      public_suffix (>= 2.0.2, < 4.0)
    chartkick (1.5.2)
    coderay (1.1.2)
    concurrent-ruby (1.1.4)
    declarative (0.0.10)
    declarative-option (0.1.0)
    domain_name (0.5.20180417)
      unf (>= 0.0.5, < 1.0.0)
    dry-configurable (0.8.2)
      concurrent-ruby (~> 1.0)
      dry-core (~> 0.4, >= 0.4.7)
    dry-container (0.7.0)
      concurrent-ruby (~> 1.0)
      dry-configurable (~> 0.1, >= 0.1.3)
    dry-core (0.4.7)
      concurrent-ruby (~> 1.0)
    dry-equalizer (0.2.1)
    dry-events (0.1.0)
      concurrent-ruby (~> 1.0)
      dry-core (~> 0.4)
      dry-equalizer (~> 0.2)
    dry-matcher (0.7.0)
    dry-monads (1.2.0)
      concurrent-ruby (~> 1.0)
      dry-core (~> 0.4, >= 0.4.4)
      dry-equalizer
    dry-transaction (0.13.0)
      dry-container (>= 0.2.8)
      dry-events (>= 0.1.0)
      dry-matcher (>= 0.7.0)
      dry-monads (>= 0.4.0)
    econfig (2.1.0)
    ffi (1.10.0)
    git (1.5.0)
    hirb (0.7.3)
    http (4.0.5)
      addressable (~> 2.3)
      http-cookie (~> 1.0)
      http-form_data (~> 2.0)
      http_parser.rb (~> 0.6.0)
    http-cookie (1.0.3)
      domain_name (~> 0.5)
    http-form_data (2.1.1)
    http_parser.rb (0.6.0)
    json (2.2.0)
    method_source (0.9.2)
    mini_portile2 (2.4.0)
    multi_json (1.13.1)
    nokogiri (1.10.1)
      mini_portile2 (~> 2.4.0)
    pg (1.1.4)
    pry (0.11.3)
      coderay (~> 1.1.0)
      method_source (~> 0.9.0)
    public_suffix (3.0.3)
    puma (3.12.0)
    rack (2.0.6)
    rake (12.3.2)
    rbnacl (6.0.1)
      ffi
    rbnacl-libsodium (1.0.16)
      rbnacl (>= 3.0.1)
    redis (4.1.0)
    redis-rack (2.0.5)
      rack (>= 1.5, < 3)
      redis-store (>= 1.2, < 2)
    redis-store (1.6.0)
      redis (>= 2.2, < 5)
    representable (3.0.4)
      declarative (< 0.1.0)
      declarative-option (< 0.2.0)
      uber (< 0.2.0)
    roar (1.1.0)
      representable (~> 3.0.0)
    roda (3.17.0)
      rack
    rubyzip (1.2.2)
    sequel (5.18.0)
    simple_xlsx_reader (1.0.4)
      nokogiri
      rubyzip
    slim (4.0.1)
      temple (>= 0.7.6, < 0.9)
      tilt (>= 2.0.6, < 2.1)
    sqlite3 (1.4.0)
    temple (0.8.1)
    tilt (2.0.9)
    uber (0.1.0)
    unf (0.1.4)
      unf_ext
    unf_ext (0.0.7.5)

PLATFORMS
  ruby

DEPENDENCIES
  chartkick (~> 1.4, >= 1.4.1)
  dry-monads (~> 1.1)
  dry-transaction (~> 0.13.0)
  econfig (~> 2.1)
  git
  hirb (~> 0.7.3)
  http (~> 4.0)
  json (~> 2.1)
  multi_json (~> 1.13, >= 1.13.1)
  pg
  pry (~> 0.11.2)
  puma (~> 3.12)
  rack (~> 2.0, >= 2.0.5)
  rake (~> 12.3, >= 12.3.1)
  rbnacl-libsodium (~> 1.0, >= 1.0.16)
  redis-rack (~> 2.0, >= 2.0.4)
  roar (~> 1.1)
  roda (~> 3.13)
  sequel (~> 5.13)
  simple_xlsx_reader (~> 1.0, >= 1.0.4)
  slim (~> 4.0, >= 4.0.1)
  sqlite3 (~> 1.3, >= 1.3.13)

RUBY VERSION
   ruby 2.5.1p57

BUNDLED WITH
   2.0.1
